GIT
  remote: git@github.com:westarete/westarete-tracker-tools.git
  revision: bee73ac5c197ede3c5f56603ec9529c7b687767f
  tag: v0.0.0
  specs:
    westarete-tracker-tools (0.0.0)
      activemodel (= 3.0.3)
      jeweler (= 1.5.2)
      pivotal-tracker (= 0.3.0)

GEM
  remote: http://rubygems.org/
  specs:
    activemodel (3.0.3)
      activesupport (= 3.0.3)
      builder (~> 2.1.2)
      i18n (~> 0.4)
    activesupport (3.0.3)
    builder (2.1.2)
    git (1.2.5)
    happymapper (0.3.2)
      libxml-ruby (~> 1.1.3)
    i18n (0.5.0)
    jeweler (1.5.2)
      bundler (~> 1.0.0)
      git (>= 1.2.5)
      rake
    libxml-ruby (1.1.4)
    mime-types (1.16)
    nokogiri (1.4.3.1)
    pivotal-tracker (0.3.0)
      builder
      happymapper (>= 0.3.2)
      nokogiri (~> 1.4.3.1)
      rest-client (~> 1.6.0)
    rake (0.8.7)
    rest-client (1.6.1)
      mime-types (>= 1.16)

PLATFORMS
  ruby

DEPENDENCIES
  westarete-tracker-tools (= 0.0.0)!
